GEM
  remote: http://rubygems.org/
  specs:
    htmldiff (0.0.1)
    nokogiri (1.5.2)

PLATFORMS
  ruby

DEPENDENCIES
  htmldiff
  nokogiri
